GIT
  remote: https://github.com/Seriell/commandrb.git
  revision: b3bee9d4005b71c9648f3bac257b7fbf059438c5
  specs:
    commandrb (0.4.7)
      discordrb (~> 3.1, >= 3.1.0)

GIT
  remote: https://github.com/seejohnrun/easy_translate.git
  revision: 32b0c5be9dceb03f46518825dc1112bebd204b94
  specs:
    easy_translate (0.5.0)
      json
      thread
      thread_safe

GEM
  remote: http://rubygems.org/
  specs:
    chunky_png (1.3.8)
    coderay (1.1.2)
    discordrb (3.2.1)
      discordrb-webhooks (~> 3.2.0.1)
      opus-ruby
      rbnacl (~> 3.4.0)
      rest-client
      websocket-client-simple (>= 0.3.0)
    discordrb-webhooks (3.2.0.1)
      rest-client
    domain_name (0.5.20170404)
      unf (>= 0.0.5, < 1.0.0)
    event_emitter (0.2.6)
    faraday (0.13.1)
      multipart-post (>= 1.2, < 3)
    ffi (1.9.18)
    ffi (1.9.18-x64-mingw32)
    haste (0.2.3)
      faraday (~> 0.9)
      json
    http-cookie (1.0.3)
      domain_name (~> 0.5)
    json (2.1.0)
    method_source (0.9.0)
    mime-types (3.1)
      mime-types-data (~> 3.2015)
    mime-types-data (3.2016.0521)
    multipart-post (2.0.0)
    netrc (0.11.0)
    opus-ruby (1.0.1)
      ffi
    pomf.rb (1.0.0)
    pry (0.11.3)
      coderay (~> 1.1.0)
      method_source (~> 0.9.0)
    rainbow (3.0.0)
    rake (12.3.0)
    rbnacl (3.4.0)
      ffi
    redis (4.0.1)
    redis-namespace (1.6.0)
      redis (>= 3.0.4)
    rest-client (2.0.2)
      http-cookie (>= 1.0.2, < 2.0)
      mime-types (>= 1.16, < 4.0)
      netrc (~> 0.8)
    rest-client (2.0.2-x64-mingw32)
      ffi (~> 1.9)
      http-cookie (>= 1.0.2, < 2.0)
      mime-types (>= 1.16, < 4.0)
      netrc (~> 0.8)
    rqrcode (0.10.1)
      chunky_png (~> 1.0)
    rumoji (0.5.0)
    thread (0.2.2)
    thread_safe (0.3.6)
    unf (0.1.4)
      unf_ext
    unf_ext (0.0.7.4)
    unf_ext (0.0.7.4-x64-mingw32)
    websocket (1.2.5)
    websocket-client-simple (0.3.0)
      event_emitter
      websocket

PLATFORMS
  ruby
  x64-mingw32

DEPENDENCIES
  commandrb!
  discordrb
  easy_translate!
  haste
  pomf.rb
  pry
  rainbow
  rake
  redis
  redis-namespace
  rqrcode
  rumoji

BUNDLED WITH
   1.16.1
